GEM
  remote: https://rubygems.org/
  specs:
    activesupport (7.1.3.2)
      base64
      bigdecimal
      concurrent-ruby (~> 1.0, >= 1.0.2)
      connection_pool (>= 2.2.5)
      drb
      i18n (>= 1.6, < 2)
      minitest (>= 5.1)
      mutex_m
      tzinfo (~> 2.0)
    base64 (0.2.0)
    bigdecimal (3.1.8)
    binding_of_caller (1.0.1)
      debug_inspector (>= 1.2.0)
    coderay (1.1.3)
    concurrent-ruby (1.2.3)
    connection_pool (2.4.1)
    debug_inspector (1.2.0)
    drb (2.2.1)
    faraday (2.9.0)
      faraday-net_http (>= 2.0, < 3.2)
    faraday-net_http (3.1.0)
      net-http
    i18n (1.14.5)
      concurrent-ruby (~> 1.0)
    method_source (1.1.0)
    minitest (5.22.3)
    mqtt (0.6.0)
    mutex_m (0.2.0)
    net-http (0.4.1)
      uri
    pry (0.14.2)
      coderay (~> 1.1)
      method_source (~> 1.0)
    tzinfo (2.0.6)
      concurrent-ruby (~> 1.0)
    uri (0.13.0)

PLATFORMS
  arm64-darwin-22
  ruby

DEPENDENCIES
  activesupport
  binding_of_caller
  faraday
  mqtt
  pry

BUNDLED WITH
   2.5.9
